PATH
  remote: .
  specs:
    sassquatch (0.0.4)
      thor

GEM
  remote: https://rubygems.org/
  specs:
    thor (0.18.1)

PLATFORMS
  ruby

DEPENDENCIES
  sassquatch!
