PATH
  remote: .
  specs:
    sassquatch (0.0.1)

GEM
  remote: https://rubygems.org/
  specs:

PLATFORMS
  ruby

DEPENDENCIES
  sassquatch!
