PATH
  remote: .
  specs:
    sassquatch (0.0.5)
      thor

GEM
  remote: https://rubygems.org/
  specs:
    rake (10.4.2)
    thor (0.19.1)

PLATFORMS
  ruby

DEPENDENCIES
  rake
  sassquatch!

BUNDLED WITH
   1.10.6
